GEM
  remote: http://rubygems.org/
  specs:
    terrun (1.0.0)

PLATFORMS
  ruby

DEPENDENCIES
  terrun
